GEM
  remote: https://rubygems.org/
  specs:
    rack (1.5.2)
    serialport (1.1.0)

PLATFORMS
  ruby

DEPENDENCIES
  rack
  serialport
